GEM
  remote: https://rubygems.org/
  specs:
    activesupport (4.2.7.1)
      i18n (~> 0.7)
      json (~> 1.7, >= 1.7.7)
      minitest (~> 5.1)
      thread_safe (~> 0.3, >= 0.3.4)
      tzinfo (~> 1.1)
    cas_rest_client (1.3)
      rest-client (>= 1.4.2)
    conjur-api (4.26.0)
      activesupport
      rest-client (~> 1.7, >= 1.7.3)
      semantic
    conjur-asset-proxy (0.5.3)
      conjur-cli (>= 4.12)
      escape_utils (~> 1.0)
      gli (~> 2.12)
      rack (~> 1.5)
      rack-streaming-proxy (~> 2.0)
      unicorn (~> 4.8, >= 4.8.3)
      unicorn-rails (~> 2.2, >= 2.2.0)
    conjur-cli (5.3.0)
      activesupport (~> 4.2)
      cas_rest_client (~> 1.3)
      conjur-api (~> 4.21)
      deep_merge (~> 1.0)
      gli (>= 2.8.0)
      highline (~> 1.7)
      methadone (~> 1.9)
      netrc (~> 0.10)
      table_print (~> 1.5)
      xdg (~> 2.2)
    deep_merge (1.1.1)
    domain_name (0.5.20160826)
      unf (>= 0.0.5, < 1.0.0)
    escape_utils (1.2.1)
    gli (2.14.0)
    highline (1.7.8)
    http-cookie (1.0.3)
      domain_name (~> 0.5)
    i18n (0.7.0)
    json (1.8.3)
    kgio (2.10.0)
    methadone (1.9.2)
      bundler
    mime-types (2.99.3)
    minitest (5.9.1)
    netrc (0.11.0)
    rack (1.6.4)
    rack-streaming-proxy (2.0.1)
      rack (>= 1.4)
      servolux (~> 0.10)
    raindrops (0.17.0)
    rest-client (1.8.0)
      http-cookie (>= 1.0.2, < 2.0)
      mime-types (>= 1.16, < 3.0)
      netrc (~> 0.7)
    semantic (1.4.1)
    servolux (0.12.0)
    table_print (1.5.6)
    thread_safe (0.3.5)
    tzinfo (1.2.2)
      thread_safe (~> 0.1)
    unf (0.1.4)
      unf_ext
    unf_ext (0.0.7.2)
    unicorn (4.9.0)
      kgio (~> 2.6)
      rack
      raindrops (~> 0.7)
    unicorn-rails (2.2.1)
      rack
      unicorn
    xdg (2.2.3)

PLATFORMS
  ruby

DEPENDENCIES
  conjur-asset-proxy
  conjur-cli

BUNDLED WITH
   1.11.2
